GEM
  remote: https://rubygems.org/
  specs:
    coderay (1.0.8)
    method_source (0.8.1)
    nokogiri (1.5.6)
    pry (0.9.10)
      coderay (~> 1.0.5)
      method_source (~> 0.8)
      slop (~> 3.3.1)
    slop (3.3.3)
    sqlite3 (1.3.6)

PLATFORMS
  ruby

DEPENDENCIES
  nokogiri
  pry
  sqlite3
