GEM
  remote: https://rubygems.org/
  specs:
    nokogiri (1.5.6)
    sqlite3 (1.3.6)

PLATFORMS
  ruby

DEPENDENCIES
  nokogiri
  sqlite3
